GEM
  remote: https://rubygems.org/
  specs:
    activesupport (7.0.4)
      concurrent-ruby (~> 1.0, >= 1.0.2)
      i18n (>= 1.6, < 2)
      minitest (>= 5.1)
      tzinfo (~> 2.0)
    backports (3.23.0)
    concurrent-ruby (1.1.10)
    daru (0.3)
      packable (~> 1.3.13)
    i18n (1.12.0)
      concurrent-ruby (~> 1.0)
    json (2.6.3)
    minitest (5.16.3)
    nokogiri (1.13.9-x86_64-linux)
      racc (~> 1.4)
    packable (1.3.15)
      backports
    racc (1.6.0)
    rubytree (2.0.0)
      json (~> 2.0, > 2.3.1)
    thor (1.2.1)
    tzinfo (2.0.5)
      concurrent-ruby (~> 1.0)

PLATFORMS
  x86_64-linux

DEPENDENCIES
  activesupport (~> 7.0)
  daru (~> 0.3)
  nokogiri (~> 1.13)
  rubytree (~> 2.0)
  thor (~> 1.2)

BUNDLED WITH
   2.3.26
